GEM
  remote: http://rubygems.org/
  specs:
    minitest (2.3.1)
    parallel (0.5.6)
    rake (0.8.7)

PLATFORMS
  ruby

DEPENDENCIES
  minitest
  parallel
  rake
