GEM
  remote: http://rubygems.org/
  specs:
    minitest (2.3.1)
    parallel (0.5.6)
    rake (12.3.3)

PLATFORMS
  ruby

DEPENDENCIES
  minitest
  parallel
  rake
